GEM
  remote: https://rubygems.org/
  specs:
    mustermann (1.0.3)
    mysql2 (0.5.2)
    rack (2.0.7)
    rack-protection (2.0.7)
      rack
    sequel (5.26.0)
    sinatra (2.0.7)
      mustermann (~> 1.0)
      rack (~> 2.0)
      rack-protection (= 2.0.7)
      tilt (~> 2.0)
    tilt (2.0.10)

PLATFORMS
  ruby

DEPENDENCIES
  mysql2
  sequel
  sinatra

BUNDLED WITH
   1.17.3
